GEM
  remote: https://rubygems.org/
  specs:
    ast (2.1.0)
    astrolabe (1.3.1)
      parser (~> 2.2)
    capybara (2.4.4)
      mime-types (>= 1.16)
      nokogiri (>= 1.3.3)
      rack (>= 1.0.0)
      rack-test (>= 0.5.4)
      xpath (~> 2.0)
    codecov (0.1.10)
      json
      simplecov
      url
    diff-lcs (1.2.5)
    docile (1.1.5)
    json (2.0.3)
    mime-types (2.4.3)
    mini_portile (0.6.2)
    nokogiri (1.6.6.2)
      mini_portile (~> 0.6.0)
    parser (2.2.3.0)
      ast (>= 1.1, < 3.0)
    powerpack (0.1.1)
    rack (1.6.0)
    rack-test (0.6.3)
      rack (>= 1.0)
    rainbow (2.0.0)
    rake (10.4.2)
    reek (1.3.8)
      rainbow (>= 1.99, < 3.0)
      ruby2ruby (>= 2.0.8, < 3.0)
      ruby_parser (~> 3.3)
      sexp_processor
    rspec (3.2.0)
      rspec-core (~> 3.2.0)
      rspec-expectations (~> 3.2.0)
      rspec-mocks (~> 3.2.0)
    rspec-core (3.2.2)
      rspec-support (~> 3.2.0)
    rspec-expectations (3.2.0)
      diff-lcs (>= 1.2.0, < 2.0)
      rspec-support (~> 3.2.0)
    rspec-mocks (3.2.1)
      diff-lcs (>= 1.2.0, < 2.0)
      rspec-support (~> 3.2.0)
    rspec-support (3.2.2)
    rubocop (0.34.2)
      astrolabe (~> 1.3)
      parser (>= 2.2.2.5, < 3.0)
      powerpack (~> 0.1)
      rainbow (>= 1.99.1, < 3.0)
      ruby-progressbar (~> 1.4)
    ruby-progressbar (1.7.5)
    ruby2ruby (2.1.3)
      ruby_parser (~> 3.1)
      sexp_processor (~> 4.0)
    ruby_parser (3.6.3)
      sexp_processor (~> 4.1)
    sexp_processor (4.4.4)
    simplecov (0.13.0)
      docile (~> 1.1.0)
      json (>= 1.8, < 3)
      simplecov-html (~> 0.10.0)
    simplecov-html (0.10.0)
    url (0.3.2)
    xpath (2.0.0)
      nokogiri (~> 1.3)

PLATFORMS
  ruby

DEPENDENCIES
  capybara
  codecov
  rake
  reek
  rspec
  rubocop

RUBY VERSION
   ruby 2.3.3p222

BUNDLED WITH
   1.14.5
